PATH
  remote: .
  specs:
    debug_logging (4.0.1)
      colorize
      version_gem (~> 1.1, >= 1.1.4)

GEM
  remote: https://rubygems.org/
  specs:
    activesupport (7.1.3.2)
      base64
      bigdecimal
      concurrent-ruby (~> 1.0, >= 1.0.2)
      connection_pool (>= 2.2.5)
      drb
      i18n (>= 1.6, < 2)
      minitest (>= 5.1)
      mutex_m
      tzinfo (~> 2.0)
    ansi (1.5.0)
    ast (2.4.2)
    backports (3.24.1)
    base64 (0.2.0)
    bigdecimal (3.1.6)
    byebug (11.1.3)
    colorize (1.1.0)
    concurrent-ruby (1.2.3)
    connection_pool (2.4.1)
    diff-lcs (1.5.1)
    diffy (3.4.2)
    docile (1.4.0)
    drb (2.2.1)
    i18n (1.14.1)
      concurrent-ruby (~> 1.0)
    json (2.7.1)
    kettle-soup-cover (1.0.2)
      simplecov (~> 0.22)
      simplecov-cobertura (~> 2.1)
      simplecov-console (~> 0.9, >= 0.9.1)
      simplecov-html (~> 0.12)
      simplecov-lcov (~> 0.8)
      simplecov-rcov (~> 0.3, >= 0.3.3)
      simplecov_json_formatter (~> 0.1, >= 0.1.4)
      version_gem (~> 1.1, >= 1.1.3)
    kramdown (2.4.0)
      rexml
    language_server-protocol (3.17.0.3)
    lint_roller (1.1.0)
    minitest (5.22.2)
    mutex_m (0.2.0)
    parallel (1.24.0)
    parser (3.3.0.5)
      ast (~> 2.4.1)
      racc
    racc (1.7.3)
    rainbow (3.1.1)
    rake (13.2.1)
    regexp_parser (2.9.1)
    rexml (3.2.6)
    rspec (3.13.0)
      rspec-core (~> 3.13.0)
      rspec-expectations (~> 3.13.0)
      rspec-mocks (~> 3.13.0)
    rspec-block_is_expected (1.0.5)
    rspec-core (3.13.0)
      rspec-support (~> 3.13.0)
    rspec-expectations (3.13.0)
      diff-lcs (>= 1.2.0, < 2.0)
      rspec-support (~> 3.13.0)
    rspec-mocks (3.13.0)
      diff-lcs (>= 1.2.0, < 2.0)
      rspec-support (~> 3.13.0)
    rspec-pending_for (0.1.16)
      rspec-core
      ruby_engine (>= 1, < 3)
      ruby_version (~> 1.0)
    rspec-support (3.13.1)
    rspec_junit_formatter (0.6.0)
      rspec-core (>= 2, < 4, != 2.12.0)
    rubocop (1.61.0)
      json (~> 2.3)
      language_server-protocol (>= 3.17.0)
      parallel (~> 1.10)
      parser (>= 3.3.0.2)
      rainbow (>= 2.2.2, < 4.0)
      regexp_parser (>= 1.8, < 3.0)
      rexml (>= 3.2.5, < 4.0)
      rubocop-ast (>= 1.30.0, < 2.0)
      ruby-progressbar (~> 1.7)
      unicode-display_width (>= 2.4.0, < 3.0)
    rubocop-ast (1.31.1)
      parser (>= 3.3.0.4)
    rubocop-capybara (2.20.0)
      rubocop (~> 1.41)
    rubocop-factory_bot (2.25.1)
      rubocop (~> 1.41)
    rubocop-gradual (0.3.4)
      diff-lcs (>= 1.2.0, < 2.0)
      diffy (~> 3.0)
      parallel (~> 1.10)
      rainbow (>= 2.2.2, < 4.0)
      rubocop (~> 1.0)
    rubocop-lts (22.1.3)
      rubocop-ruby3_1 (>= 2.0.4, < 3)
      standard-rubocop-lts (>= 1.0.3, < 3)
      version_gem (>= 1.1.2, < 3)
    rubocop-md (1.2.2)
      rubocop (>= 1.0)
    rubocop-packaging (0.5.2)
      rubocop (>= 1.33, < 2.0)
    rubocop-performance (1.20.2)
      rubocop (>= 1.48.1, < 2.0)
      rubocop-ast (>= 1.30.0, < 2.0)
    rubocop-rake (0.6.0)
      rubocop (~> 1.0)
    rubocop-rspec (2.27.0)
      rubocop (~> 1.40)
      rubocop-capybara (~> 2.17)
      rubocop-factory_bot (~> 2.22)
    rubocop-ruby3_1 (2.0.6)
      rubocop-gradual (~> 0.3, >= 0.3.1)
      rubocop-md (~> 1.2)
      rubocop-rake (~> 0.6)
      rubocop-shopify (~> 2.14)
      rubocop-thread_safety (~> 0.5, >= 0.5.1)
      standard-rubocop-lts (~> 1.0, >= 1.0.7)
      version_gem (>= 1.1.3, < 3)
    rubocop-shopify (2.15.1)
      rubocop (~> 1.51)
    rubocop-thread_safety (0.5.1)
      rubocop (>= 0.90.0)
    ruby-progressbar (1.13.0)
    ruby_engine (2.0.0)
    ruby_version (1.0.3)
    silent_stream (1.0.6)
    simplecov (0.22.0)
      docile (~> 1.1)
      simplecov-html (~> 0.11)
      simplecov_json_formatter (~> 0.1)
    simplecov-cobertura (2.1.0)
      rexml
      simplecov (~> 0.19)
    simplecov-console (0.9.1)
      ansi
      simplecov
      terminal-table
    simplecov-html (0.12.3)
    simplecov-lcov (0.8.0)
    simplecov-rcov (0.3.7)
      simplecov (>= 0.4.1)
    simplecov_json_formatter (0.1.4)
    standard (1.34.0)
      language_server-protocol (~> 3.17.0.2)
      lint_roller (~> 1.0)
      rubocop (~> 1.60)
      standard-custom (~> 1.0.0)
      standard-performance (~> 1.3)
    standard-custom (1.0.2)
      lint_roller (~> 1.0)
      rubocop (~> 1.50)
    standard-performance (1.3.1)
      lint_roller (~> 1.1)
      rubocop-performance (~> 1.20.2)
    standard-rubocop-lts (1.0.9)
      standard (>= 1.31.1, < 2)
      standard-custom (>= 1.0.1, < 2)
      standard-performance (>= 1.2, < 2)
      version_gem (>= 1.1.3, < 4)
    terminal-table (3.0.2)
      unicode-display_width (>= 1.1.1, < 3)
    tzinfo (2.0.6)
      concurrent-ruby (~> 1.0)
    unicode-display_width (2.5.0)
    version_gem (1.1.4)
    yard (0.9.36)
    yard-junk (0.0.9)
      backports (>= 3.18)
      rainbow
      yard

PLATFORMS
  ruby

DEPENDENCIES
  activesupport (>= 5.2.4.4)
  byebug (>= 11)
  debug_logging!
  kettle-soup-cover (~> 1.0, >= 1.0.2)
  kramdown (~> 2.4)
  rake (>= 13.2.1)
  rspec (>= 3)
  rspec-block_is_expected (~> 1.0, >= 1.0.5)
  rspec-pending_for
  rspec_junit_formatter (~> 0.6)
  rubocop-lts (~> 22.1, >= 22.1.3)
  rubocop-packaging (~> 0.5, >= 0.5.2)
  rubocop-rspec (~> 2.25)
  silent_stream (>= 1)
  yard (~> 0.9, >= 0.9.34)
  yard-junk (~> 0.0)

BUNDLED WITH
   2.4.22
